GIT
  remote: https://github.com/vasyllabaruby/codebreaker.git
  revision: f9f44ac62669db1b3eb770780bdc97bc04bb354f
  branch: develop
  specs:
    codebreaker (3.0.6)

GEM
  remote: https://rubygems.org/
  specs:
    ast (2.4.2)
    cgi (0.3.2)
    colorize (0.8.1)
    concurrent-ruby (1.1.10)
    daemons (1.4.1)
    diff-lcs (1.5.0)
    docile (1.4.0)
    erb (2.2.3)
      cgi
    eventmachine (1.2.7)
    fasterer (0.10.0)
      colorize (~> 0.7)
      ruby_parser (>= 3.19.1)
    i18n (1.12.0)
      concurrent-ruby (~> 1.0)
    json (2.6.2)
    parallel (1.22.1)
    parser (3.1.2.0)
      ast (~> 2.4.1)
    rack (2.1.4.1)
    rack-test (2.0.2)
      rack (>= 1.3)
    rainbow (3.1.1)
    regexp_parser (2.5.0)
    rexml (3.2.5)
    rspec (3.11.0)
      rspec-core (~> 3.11.0)
      rspec-expectations (~> 3.11.0)
      rspec-mocks (~> 3.11.0)
    rspec-core (3.11.0)
      rspec-support (~> 3.11.0)
    rspec-expectations (3.11.0)
      diff-lcs (>= 1.2.0, < 2.0)
      rspec-support (~> 3.11.0)
    rspec-mocks (3.11.1)
      diff-lcs (>= 1.2.0, < 2.0)
      rspec-support (~> 3.11.0)
    rspec-support (3.11.0)
    rubocop (1.31.2)
      json (~> 2.3)
      parallel (~> 1.10)
      parser (>= 3.1.0.0)
      rainbow (>= 2.2.2, < 4.0)
      regexp_parser (>= 1.8, < 3.0)
      rexml (>= 3.2.5, < 4.0)
      rubocop-ast (>= 1.18.0, < 2.0)
      ruby-progressbar (~> 1.7)
      unicode-display_width (>= 1.4.0, < 3.0)
    rubocop-ast (1.19.1)
      parser (>= 3.1.1.0)
    rubocop-rspec (2.12.1)
      rubocop (~> 1.31)
    ruby-progressbar (1.11.0)
    ruby_parser (3.19.1)
      sexp_processor (~> 4.16)
    sexp_processor (4.16.1)
    simplecov (0.21.2)
      docile (~> 1.1)
      simplecov-html (~> 0.11)
      simplecov_json_formatter (~> 0.1)
    simplecov-html (0.12.3)
    simplecov_json_formatter (0.1.4)
    thin (1.6.2)
      daemons (>= 1.0.9)
      eventmachine (>= 1.0.0)
      rack (>= 1.0.0)
    unicode-display_width (2.2.0)

PLATFORMS
  x86_64-linux

DEPENDENCIES
  codebreaker!
  erb
  fasterer
  i18n
  rack (~> 2.1.0)
  rack-test
  rspec
  rubocop
  rubocop-rspec
  simplecov
  thin (~> 1.6.0)

BUNDLED WITH
   2.3.15
